NUGET
  remote: https://nuget.org/api/v2
  specs:
    FAKE (4.4.4)
    FSharp.Data (2.2.5)
      Zlib.Portable (>= 1.10.0) - framework: portable-net40+sl50+wp80+win80
    NUnit (2.6.4)
    NUnit.Runners (2.6.4)
    Zlib.Portable (1.11.0) - framework: portable-net40+sl50+wp80+win80
GITHUB
  remote: googlei18n/libphonenumber
  specs:
    resources/PhoneNumberAlternateFormats.xml (bfb2f2b4d896184fa17b3b89ceecb7d0f4d9ca8d)
    resources/PhoneNumberMetadata.xml (bfb2f2b4d896184fa17b3b89ceecb7d0f4d9ca8d)
    resources/PhoneNumberMetadataForTesting.xml (bfb2f2b4d896184fa17b3b89ceecb7d0f4d9ca8d)
    resources/ShortNumberMetadata.xml (bfb2f2b4d896184fa17b3b89ceecb7d0f4d9ca8d)