NUGET
  remote: https://www.nuget.org/api/v2
  specs:
    FAKE (4.4.4)
    FSharp.Data (2.2.5)
      Zlib.Portable (>= 1.10.0) - framework: portable-net40+sl50+wp80+win80
    NUnit (2.6.4)
    NUnit.Runners (2.6.4)
    Zlib.Portable (1.11.0) - framework: portable-net40+sl50+wp80+win80
GITHUB
  remote: googlei18n/libphonenumber
  specs:
    resources/PhoneNumberAlternateFormats.xml (88f4de0c556ddf26b2399bc9ab50a1e5a7b8d86e)
    resources/PhoneNumberMetadata.xml (88f4de0c556ddf26b2399bc9ab50a1e5a7b8d86e)
    resources/PhoneNumberMetadataForTesting.xml (88f4de0c556ddf26b2399bc9ab50a1e5a7b8d86e)
    resources/ShortNumberMetadata.xml (88f4de0c556ddf26b2399bc9ab50a1e5a7b8d86e)