NUGET
  remote: https://www.nuget.org/api/v2
  specs:
    FAKE (4.4.4)
    FSharp.Data (2.2.5)
      Zlib.Portable (>= 1.10.0) - framework: portable-net40+sl50+wp80+win80
    NUnit (2.6.4)
    NUnit.Runners (2.6.4)
    Zlib.Portable (1.11.0) - framework: portable-net40+sl50+wp80+win80
GITHUB
  remote: googlei18n/libphonenumber
  specs:
    resources/PhoneNumberAlternateFormats.xml (26bbc11e8efdeea840d1346610db68f6b6700de0)
    resources/PhoneNumberMetadata.xml (26bbc11e8efdeea840d1346610db68f6b6700de0)
    resources/PhoneNumberMetadataForTesting.xml (26bbc11e8efdeea840d1346610db68f6b6700de0)
    resources/ShortNumberMetadata.xml (26bbc11e8efdeea840d1346610db68f6b6700de0)