NUGET
  remote: https://nuget.org/api/v2
  specs:
    FAKE (4.4.4)
    FSharp.Data (2.2.5)
      Zlib.Portable (>= 1.10.0) - framework: portable-net40+sl50+wp80+win80
    NUnit (2.6.4)
    NUnit.Runners (2.6.4)
    Zlib.Portable (1.11.0) - framework: portable-net40+sl50+wp80+win80
GITHUB
  remote: googlei18n/libphonenumber
  specs:
    resources/PhoneNumberAlternateFormats.xml (fb9f3b7d3bbaea654193bf0d8f41dde8dd82006c)
    resources/PhoneNumberMetadata.xml (fb9f3b7d3bbaea654193bf0d8f41dde8dd82006c)
    resources/PhoneNumberMetadataForTesting.xml (fb9f3b7d3bbaea654193bf0d8f41dde8dd82006c)
    resources/ShortNumberMetadata.xml (fb9f3b7d3bbaea654193bf0d8f41dde8dd82006c)