NUGET
  remote: https://www.nuget.org/api/v2
  specs:
    FAKE (4.4.4)
    FSharp.Data (2.2.5)
      Zlib.Portable (>= 1.10) - framework: portable-net40+sl50+wp80+win80
    NUnit (2.6.4)
    NUnit.Runners (2.6.4)
    Zlib.Portable (1.11) - framework: portable-net40+sl50+wp80+win80
GITHUB
  remote: googlei18n/libphonenumber
  specs:
    resources/PhoneNumberAlternateFormats.xml (645e7503f6f12d60f8641586de3e5b8da2d7b63c)
    resources/PhoneNumberMetadata.xml (645e7503f6f12d60f8641586de3e5b8da2d7b63c)
    resources/PhoneNumberMetadataForTesting.xml (645e7503f6f12d60f8641586de3e5b8da2d7b63c)
    resources/ShortNumberMetadata.xml (645e7503f6f12d60f8641586de3e5b8da2d7b63c)