NUGET
  remote: https://nuget.org/api/v2
  specs:
    FAKE (4.4.4)
    FSharp.Data (2.2.5)
      Zlib.Portable (>= 1.10.0) - framework: portable-net40+sl50+wp80+win80
    NUnit (2.6.4)
    NUnit.Runners (2.6.4)
    Zlib.Portable (1.11.0) - framework: portable-net40+sl50+wp80+win80
GITHUB
  remote: googlei18n/libphonenumber
  specs:
    resources/PhoneNumberAlternateFormats.xml (8f1a853647e2e99acbd1ea5ce8f7217b8c02b409)
    resources/PhoneNumberMetadata.xml (8f1a853647e2e99acbd1ea5ce8f7217b8c02b409)
    resources/PhoneNumberMetadataForTesting.xml (8f1a853647e2e99acbd1ea5ce8f7217b8c02b409)
    resources/ShortNumberMetadata.xml (8f1a853647e2e99acbd1ea5ce8f7217b8c02b409)