NUGET
  remote: https://www.nuget.org/api/v2
  specs:
    FAKE (4.4.4)
    FSharp.Data (2.2.5)
      Zlib.Portable (>= 1.10) - framework: portable-net40+sl50+wp80+win80
    NUnit (2.6.4)
    NUnit.Runners (2.6.4)
    Zlib.Portable (1.11) - framework: portable-net40+sl50+wp80+win80
GITHUB
  remote: googlei18n/libphonenumber
  specs:
    resources/PhoneNumberAlternateFormats.xml (6a8813f737cceda7c1e3f21f98f149a9c836b7ff)
    resources/PhoneNumberMetadata.xml (6a8813f737cceda7c1e3f21f98f149a9c836b7ff)
    resources/PhoneNumberMetadataForTesting.xml (6a8813f737cceda7c1e3f21f98f149a9c836b7ff)
    resources/ShortNumberMetadata.xml (6a8813f737cceda7c1e3f21f98f149a9c836b7ff)