NUGET
  remote: https://nuget.org/api/v2
  specs:
    FAKE (4.4.4)
    FSharp.Data (2.2.5)
      Zlib.Portable (>= 1.10.0) - framework: portable-net40+sl50+wp80+win80
    NUnit (2.6.4)
    NUnit.Runners (2.6.4)
    Zlib.Portable (1.11.0) - framework: portable-net40+sl50+wp80+win80
GITHUB
  remote: googlei18n/libphonenumber
  specs:
    resources/PhoneNumberAlternateFormats.xml (fb643bfd72642ae9d607f9c4c0d694500ba3edb6)
    resources/PhoneNumberMetadata.xml (fb643bfd72642ae9d607f9c4c0d694500ba3edb6)
    resources/PhoneNumberMetadataForTesting.xml (fb643bfd72642ae9d607f9c4c0d694500ba3edb6)
    resources/ShortNumberMetadata.xml (fb643bfd72642ae9d607f9c4c0d694500ba3edb6)