NUGET
  remote: https://www.nuget.org/api/v2
  specs:
    FAKE (4.4.4)
    FSharp.Data (2.2.5)
      Zlib.Portable (>= 1.10) - framework: >= net40, portable-net40+sl50+wp80+win80
    NUnit (2.6.4)
    NUnit.Runners (2.6.4)
    Zlib.Portable (1.11) - framework: >= net40, portable-net40+sl50+wp80+win80
GITHUB
  remote: googlei18n/libphonenumber
  specs:
    resources/PhoneNumberAlternateFormats.xml (905d5144e1cc247cff14723605872ddee01026bf)
    resources/PhoneNumberMetadata.xml (905d5144e1cc247cff14723605872ddee01026bf)
    resources/PhoneNumberMetadataForTesting.xml (905d5144e1cc247cff14723605872ddee01026bf)
    resources/ShortNumberMetadata.xml (905d5144e1cc247cff14723605872ddee01026bf)