NUGET
  remote: https://www.nuget.org/api/v2
    FAKE (4.4.4)
    FSharp.Data (2.2.5)
      Zlib.Portable (>= 1.10) - framework: >= net40, portable-net40+sl50+wp80+win80
    NUnit (2.6.4)
    NUnit.Runners (2.6.4)
    Zlib.Portable (1.11) - framework: >= net40, portable-net40+sl50+wp80+win80
GITHUB
  remote: googlei18n/libphonenumber
    resources/PhoneNumberAlternateFormats.xml (865d56800403530d9d2582bb81c667ac578f01eb)
    resources/PhoneNumberMetadata.xml (865d56800403530d9d2582bb81c667ac578f01eb)
    resources/PhoneNumberMetadataForTesting.xml (865d56800403530d9d2582bb81c667ac578f01eb)
    resources/ShortNumberMetadata.xml (865d56800403530d9d2582bb81c667ac578f01eb)