NUGET
  remote: https://www.nuget.org/api/v2
  specs:
    FAKE (4.4.4)
    FSharp.Data (2.2.5)
      Zlib.Portable (>= 1.10) - framework: portable-net40+sl50+wp80+win80
    NUnit (2.6.4)
    NUnit.Runners (2.6.4)
    Zlib.Portable (1.11) - framework: portable-net40+sl50+wp80+win80
GITHUB
  remote: googlei18n/libphonenumber
  specs:
    resources/PhoneNumberAlternateFormats.xml (2a6458bc2489d88b09c25d58acc4ec5f6133362b)
    resources/PhoneNumberMetadata.xml (2a6458bc2489d88b09c25d58acc4ec5f6133362b)
    resources/PhoneNumberMetadataForTesting.xml (2a6458bc2489d88b09c25d58acc4ec5f6133362b)
    resources/ShortNumberMetadata.xml (2a6458bc2489d88b09c25d58acc4ec5f6133362b)