NUGET
  remote: https://www.nuget.org/api/v2
  specs:
    FAKE (4.4.4)
    FSharp.Data (2.2.5)
      Zlib.Portable (>= 1.10.0) - framework: portable-net40+sl50+wp80+win80
    NUnit (2.6.4)
    NUnit.Runners (2.6.4)
    Zlib.Portable (1.11.0) - framework: portable-net40+sl50+wp80+win80
GITHUB
  remote: googlei18n/libphonenumber
  specs:
    resources/PhoneNumberAlternateFormats.xml (93f25ed6d93da75f3699e22a85ed4a429ce5ed06)
    resources/PhoneNumberMetadata.xml (93f25ed6d93da75f3699e22a85ed4a429ce5ed06)
    resources/PhoneNumberMetadataForTesting.xml (93f25ed6d93da75f3699e22a85ed4a429ce5ed06)
    resources/ShortNumberMetadata.xml (93f25ed6d93da75f3699e22a85ed4a429ce5ed06)