NUGET
  remote: https://nuget.org/api/v2
  specs:
    FAKE (4.4.4)
    FSharp.Data (2.2.5)
      Zlib.Portable (>= 1.10.0) - framework: portable-net40+sl50+wp80+win80
    NUnit (2.6.4)
    NUnit.Runners (2.6.4)
    Zlib.Portable (1.11.0) - framework: portable-net40+sl50+wp80+win80
GITHUB
  remote: googlei18n/libphonenumber
  specs:
    resources/PhoneNumberAlternateFormats.xml (6660b587f9ea233f01439199e75c1d663ffab839)
    resources/PhoneNumberMetadata.xml (6660b587f9ea233f01439199e75c1d663ffab839)
    resources/PhoneNumberMetadataForTesting.xml (6660b587f9ea233f01439199e75c1d663ffab839)
    resources/ShortNumberMetadata.xml (6660b587f9ea233f01439199e75c1d663ffab839)